GEM
  remote: https://rubygems.org/
  specs:
    gist (4.6.2)
    rake (12.3.1)

PLATFORMS
  ruby

DEPENDENCIES
  gist
  rake

RUBY VERSION
   ruby 2.4.2p198

BUNDLED WITH
   1.16.1
